GIT
  remote: git://github.com/sinatra/sinatra.git
  revision: 9f4100a769bc62a8087a12511f26ea895e5e09c5
  specs:
    rack-protection (2.0.0.beta2)
      rack
    sinatra (2.0.0.beta2)
      mustermann (= 1.0.0.beta2)
      rack (~> 2.0)
      rack-protection (= 2.0.0.beta2)
      tilt (~> 2.0)
    sinatra-contrib (2.0.0.beta2)
      backports (>= 2.0)
      multi_json
      mustermann (= 1.0.0.beta2)
      rack-protection (= 2.0.0.beta2)
      rack-test
      sinatra (= 2.0.0.beta2)
      tilt (>= 1.3, < 3)

GEM
  remote: https://rubygems.org/
  specs:
    backports (3.6.8)
    daemons (1.2.4)
    eventmachine (1.2.0.1)
    ffi (1.9.14)
    listen (3.1.5)
      rb-fsevent (~> 0.9, >= 0.9.4)
      rb-inotify (~> 0.9, >= 0.9.7)
      ruby_dep (~> 1.2)
    multi_json (1.12.1)
    mustermann (1.0.0.beta2)
    rack (2.0.1)
    rack-test (0.6.3)
      rack (>= 1.0)
    rake (10.4.2)
    rb-fsevent (0.9.8)
    rb-inotify (0.9.7)
      ffi (>= 0.5.0)
    rerun (0.11.0)
      listen (~> 3.0)
    ruby_dep (1.5.0)
    thin (1.7.0)
      daemons (~> 1.0, >= 1.0.9)
      eventmachine (~> 1.0, >= 1.0.4)
      rack (>= 1, < 3)
    tilt (2.0.5)

PLATFORMS
  ruby

DEPENDENCIES
  rake (~> 10.4, >= 10.4.2)
  rerun (~> 0.11.0)
  sinatra-contrib!
  thin (~> 1.7)

BUNDLED WITH
   1.13.6
