GIT
  remote: git://github.com/sinatra/sinatra.git
  revision: 68908fffb0e1d5dc60858a689f5f04d196994094
  specs:
    rack-protection (2.0.4)
      rack
    sinatra (2.0.4)
      mustermann (~> 1.0)
      rack (~> 2.0)
      rack-protection (= 2.0.4)
      tilt (~> 2.0)
    sinatra-contrib (2.0.4)
      backports (>= 2.8.2)
      multi_json
      mustermann (~> 1.0)
      rack-protection (= 2.0.4)
      sinatra (= 2.0.4)
      tilt (>= 1.3, < 3)

GEM
  remote: https://rubygems.org/
  specs:
    backports (3.11.4)
    daemons (1.2.6)
    eventmachine (1.2.7)
    ffi (1.9.25)
    foreman (0.85.0)
      thor (~> 0.19.1)
    listen (3.1.5)
      rb-fsevent (~> 0.9, >= 0.9.4)
      rb-inotify (~> 0.9, >= 0.9.7)
      ruby_dep (~> 1.2)
    multi_json (1.13.1)
    mustermann (1.0.3)
    newrelic_rpm (5.5.0.348)
    puma (3.12.0)
    rack (2.0.6)
    rake (10.5.0)
    rb-fsevent (0.10.3)
    rb-inotify (0.9.10)
      ffi (>= 0.5.0, < 2)
    rerun (0.11.0)
      listen (~> 3.0)
    ruby_dep (1.5.0)
    thin (1.7.2)
      daemons (~> 1.0, >= 1.0.9)
      eventmachine (~> 1.0, >= 1.0.4)
      rack (>= 1, < 3)
    thor (0.19.4)
    tilt (2.0.8)

PLATFORMS
  ruby

DEPENDENCIES
  foreman
  newrelic_rpm
  puma
  rake (~> 10.4, >= 10.4.2)
  rerun (~> 0.11.0)
  sinatra
  sinatra-contrib!
  thin (~> 1.7)

RUBY VERSION
   ruby 2.5.3p105

BUNDLED WITH
   1.17.1
